GEM
  remote: https://rubygems.org/
  specs:
    erubis (2.7.0)
    json_schema (0.6.0)
    prmd (0.7.0)
      erubis (~> 2.7)
      json_schema (~> 0.3, >= 0.3.1)
    rake (10.4.2)

PLATFORMS
  ruby

DEPENDENCIES
  prmd (= 0.7.0)
  rake
